GEM
  remote: https://rubygems.org/
  specs:
    terminal-table (3.0.2)
      unicode-display_width (>= 1.1.1, < 3)
    unicode-display_width (2.6.0)

PLATFORMS
  x86_64-darwin-20

DEPENDENCIES
  terminal-table (~> 3.0)

RUBY VERSION
   ruby 3.1.1p18

BUNDLED WITH
   2.3.7
