GEM
  remote: https://rubygems.org/
  specs:
    power_assert (2.0.5)
    terminal-table (3.0.2)
      unicode-display_width (>= 1.1.1, < 3)
    test-unit (3.6.7)
      power_assert
    unicode-display_width (2.6.0)

PLATFORMS
  x86_64-darwin-20

DEPENDENCIES
  terminal-table (~> 3.0)
  test-unit (~> 3.6)

RUBY VERSION
   ruby 3.1.1p18

BUNDLED WITH
   2.3.7
