GEM
  remote: https://rubygems.org/
  specs:
    httparty (0.18.1)
      mime-types (~> 3.0)
      multi_xml (>= 0.5.2)
    mime-types (3.3.1)
      mime-types-data (~> 3.2015)
    mime-types-data (3.2021.0225)
    multi_xml (0.6.0)

PLATFORMS
  x86_64-darwin-19

DEPENDENCIES
  httparty (~> 0.18.1)

RUBY VERSION
   ruby 2.7.2p137

BUNDLED WITH
   2.2.17
